GIT
  remote: git://github.com/mongoid/mongoid.git
  revision: fd2e4aff2cabc0b73fbe74847f1b367baddebc3d
  specs:
    mongoid (2.0.2)
      activemodel (~> 3.0)
      mongo (~> 1.3)
      tzinfo (~> 0.3.22)

GIT
  remote: git://github.com/skyeagle/mongoid-ancestry
  revision: 022331790d24125094d38dba8460f15fd3ccd0c8
  specs:
    mongoid-ancestry (0.2.2)
      bson_ext (~> 1.3)
      mongoid (~> 2.0)

GEM
  remote: http://rubygems.org/
  specs:
    actionmailer (3.1.0.rc2)
      actionpack (= 3.1.0.rc2)
      mail (~> 2.3.0)
    actionpack (3.1.0.rc2)
      activemodel (= 3.1.0.rc2)
      activesupport (= 3.1.0.rc2)
      builder (~> 3.0.0)
      erubis (~> 2.7.0)
      i18n (~> 0.6)
      rack (~> 1.3.0)
      rack-cache (~> 1.0.1)
      rack-mount (~> 0.8.1)
      rack-test (~> 0.6.0)
      sprockets (~> 2.0.0.beta.10)
      tzinfo (~> 0.3.27)
    activemodel (3.1.0.rc2)
      activesupport (= 3.1.0.rc2)
      bcrypt-ruby (~> 2.1.4)
      builder (~> 3.0.0)
      i18n (~> 0.6)
    activerecord (3.1.0.rc2)
      activemodel (= 3.1.0.rc2)
      activesupport (= 3.1.0.rc2)
      arel (~> 2.1.1)
      tzinfo (~> 0.3.27)
    activeresource (3.1.0.rc2)
      activemodel (= 3.1.0.rc2)
      activesupport (= 3.1.0.rc2)
    activesupport (3.1.0.rc2)
      multi_json (~> 1.0)
    addressable (2.2.6)
    arel (2.1.1)
    bcrypt-ruby (2.1.4)
    bson (1.3.1)
    bson_ext (1.3.1)
    builder (3.0.0)
    cancan (1.6.5)
    chunky_png (1.2.0)
    coffee-script (2.2.0)
      coffee-script-source
      execjs
    coffee-script-source (1.1.1)
    compass (0.11.3)
      chunky_png (~> 1.2)
      fssm (>= 0.2.7)
      sass (~> 3.1)
    configuration (1.2.0)
    daemons (1.0.10)
    dalli (1.0.5)
    devise (1.3.4)
      bcrypt-ruby (~> 2.1.2)
      orm_adapter (~> 0.0.3)
      warden (~> 1.0.3)
    erubis (2.7.0)
    execjs (1.1.2)
      multi_json (~> 1.0)
    faraday (0.6.1)
      addressable (~> 2.2.4)
      multipart-post (~> 1.1.0)
      rack (< 2, >= 1.1.0)
    fssm (0.2.7)
    gem_plugin (0.2.3)
    heroku (2.2.8)
      launchy (>= 0.3.2)
      rest-client (~> 1.6.1)
      term-ansicolor (~> 1.0.5)
    hike (1.0.0)
    i18n (0.6.0)
    jquery-rails (1.0.9)
      railties (~> 3.0)
      thor (~> 0.14)
    kaminari (0.12.4)
      rails (>= 3.0.0)
    launchy (0.4.0)
      configuration (>= 0.0.5)
      rake (>= 0.8.1)
    mail (2.3.0)
      i18n (>= 0.4.0)
      mime-types (~> 1.16)
      treetop (~> 1.4.8)
    mime-types (1.16)
    mongo (1.3.1)
      bson (>= 1.3.1)
    mongrel (1.2.0.pre2)
      daemons (~> 1.0.10)
      gem_plugin (~> 0.2.3)
    multi_json (1.0.3)
    multi_xml (0.2.2)
    multipart-post (1.1.2)
    nokogiri (1.4.4)
    oa-core (0.2.6)
    oa-oauth (0.2.6)
      faraday (~> 0.6.1)
      multi_json (~> 1.0.0)
      multi_xml (~> 0.2.2)
      oa-core (= 0.2.6)
      oauth (~> 0.4.0)
      oauth2 (~> 0.4.1)
    oa-openid (0.2.6)
      oa-core (= 0.2.6)
      rack-openid (~> 1.3.1)
      ruby-openid-apps-discovery (~> 1.2.0)
    oauth (0.4.4)
    oauth2 (0.4.1)
      faraday (~> 0.6.1)
      multi_json (>= 0.0.5)
    orm_adapter (0.0.5)
    polyglot (0.3.1)
    rack (1.3.0)
    rack-cache (1.0.2)
      rack (>= 0.4)
    rack-mount (0.8.1)
      rack (>= 1.0.0)
    rack-openid (1.3.1)
      rack (>= 1.1.0)
      ruby-openid (>= 2.1.8)
    rack-ssl (1.3.2)
      rack
    rack-test (0.6.0)
      rack (>= 1.0)
    rails (3.1.0.rc2)
      actionmailer (= 3.1.0.rc2)
      actionpack (= 3.1.0.rc2)
      activerecord (= 3.1.0.rc2)
      activeresource (= 3.1.0.rc2)
      activesupport (= 3.1.0.rc2)
      bundler (~> 1.0)
      railties (= 3.1.0.rc2)
    railties (3.1.0.rc2)
      actionpack (= 3.1.0.rc2)
      activesupport (= 3.1.0.rc2)
      rack-ssl (~> 1.3.2)
      rake (>= 0.8.7)
      thor (~> 0.14.6)
    rake (0.9.2)
    rest-client (1.6.3)
      mime-types (>= 1.16)
    ri_cal (0.8.8)
    ruby-openid (2.1.8)
    ruby-openid-apps-discovery (1.2.0)
      ruby-openid (>= 2.1.7)
    sass (3.1.2)
    sprockets (2.0.0.beta.10)
      hike (~> 1.0)
      rack (~> 1.0)
      tilt (!= 1.3.0, ~> 1.1)
    term-ansicolor (1.0.5)
    therubyracer-heroku (0.8.1.pre3)
    thor (0.14.6)
    tilt (1.3.2)
    treetop (1.4.9)
      polyglot (>= 0.3.1)
    tzinfo (0.3.27)
    uglifier (0.5.4)
      execjs (>= 0.3.0)
      multi_json (>= 1.0.2)
    warden (1.0.4)
      rack (>= 1.0)

PLATFORMS
  ruby

DEPENDENCIES
  bson_ext
  cancan
  coffee-script
  compass
  dalli
  devise
  heroku
  jquery-rails
  kaminari
  mongoid!
  mongoid-ancestry!
  mongrel (>= 1.2.0.pre2)
  nokogiri
  oa-oauth
  oa-openid
  rails (= 3.1.0.rc2)
  ri_cal
  sass
  therubyracer-heroku (= 0.8.1.pre3)
  uglifier
